GEM
  specs:
    concurrent-ruby (1.3.4)

PLATFORMS
  ruby
  x86_64-darwin-23

DEPENDENCIES
  concurrent-ruby (= 1.3.4)

BUNDLED WITH
   2.6.9
